GIT
  remote: https://github.com/betagouv/rdv-service-public.git
  revision: 4ae40afa996f9739f34be41d2e0779dc05e4ec67
  branch: production
  glob: lib/anonymizer/anonymizer.gemspec
  specs:
    anonymizer (0.1.0)
      activerecord (>= 7.0)

GEM
  remote: https://rubygems.org/
  specs:
    activemodel (7.1.3.4)
      activesupport (= 7.1.3.4)
    activerecord (7.1.3.4)
      activemodel (= 7.1.3.4)
      activesupport (= 7.1.3.4)
      timeout (>= 0.4.0)
    activesupport (7.1.3.4)
      base64
      bigdecimal
      concurrent-ruby (~> 1.0, >= 1.0.2)
      connection_pool (>= 2.2.5)
      drb
      i18n (>= 1.6, < 2)
      minitest (>= 5.1)
      mutex_m
      tzinfo (~> 2.0)
    base64 (0.2.0)
    bigdecimal (3.1.8)
    concurrent-ruby (1.3.3)
    connection_pool (2.4.1)
    dotenv (3.1.2)
    drb (2.2.1)
    i18n (1.14.5)
      concurrent-ruby (~> 1.0)
    minitest (5.24.0)
    mutex_m (0.2.0)
    pg (1.5.6)
    timeout (0.4.1)
    tzinfo (2.0.6)
      concurrent-ruby (~> 1.0)

PLATFORMS
  arm64-darwin-22
  ruby

DEPENDENCIES
  activerecord (~> 7.1)
  anonymizer!
  dotenv (~> 3.1)
  pg (~> 1.5)

RUBY VERSION
   ruby 3.3.3p89

BUNDLED WITH
   2.5.4
